GIT
  remote: git://github.com/ifad/hawk.git
  revision: 3c53d947e32c2a4f5294d966572004bdebfae24d
  specs:
    hawk (0.3.2)
      activemodel
      dalli
      ethon (>= 0.7.4)
      multi_json
      typhoeus

GEM
  remote: https://rubygems.org/
  specs:
    activemodel (4.2.5)
      activesupport (= 4.2.5)
      builder (~> 3.1)
    activesupport (4.2.5)
      i18n (~> 0.7)
      json (~> 1.7, >= 1.7.7)
      minitest (~> 5.1)
      thread_safe (~> 0.3, >= 0.3.4)
      tzinfo (~> 1.1)
    builder (3.2.2)
    byebug (8.2.1)
    dalli (2.7.5)
    ethon (0.8.1)
      ffi (>= 1.3.0)
    ffi (1.9.10)
    i18n (0.7.0)
    json (1.8.3)
    minitest (5.8.3)
    multi_json (1.11.2)
    thread_safe (0.3.5)
    typhoeus (1.0.1)
      ethon (>= 0.8.0)
    tzinfo (1.2.2)
      thread_safe (~> 0.1)

PLATFORMS
  ruby

DEPENDENCIES
  byebug
  hawk!

BUNDLED WITH
   1.11.2
